GEM
  remote: http://rubygems.org/
  specs:
    SystemTimer (1.2.1)
    ZenTest (4.4.2)
    autotest (4.4.6)
      ZenTest (>= 4.4.1)
    bcrypt-ruby (2.1.3)
    blobstore_client (0.0.1)
      httpclient
    builder (3.0.0)
    ci_reporter (1.6.4)
      builder (>= 2.1.2)
    columnize (0.3.2)
    daemons (1.1.0)
    diff-lcs (1.1.2)
    eventmachine (0.12.10)
    httpclient (2.1.6)
    json (1.4.6)
    linecache (0.43)
    minitar (0.5.3)
    nest (1.0.1)
      redis (~> 2.1)
    netaddr (1.5.0)
    ohm (0.1.3)
      nest (~> 1.0)
    rack (1.2.1)
    rack-test (0.5.6)
      rack (>= 1.0)
    rake (0.8.7)
    rcov (0.9.9)
    rcov_analyzer (0.2)
      builder
      rcov
    redis (2.1.1)
    redis-namespace (0.8.0)
      redis (< 3.0.0)
    resque (1.10.0)
      json (~> 1.4.6)
      redis-namespace (~> 0.8.0)
      sinatra (>= 0.9.2)
      vegas (~> 0.1.2)
    rspec (2.3.0)
      rspec-core (~> 2.3.0)
      rspec-expectations (~> 2.3.0)
      rspec-mocks (~> 2.3.0)
    rspec-core (2.3.1)
    rspec-expectations (2.3.0)
      diff-lcs (~> 1.1.2)
    rspec-mocks (2.3.0)
    ruby-debug (0.10.4)
      columnize (>= 0.1)
      ruby-debug-base (~> 0.10.4.0)
    ruby-debug-base (0.10.4)
      linecache (>= 0.3)
    sinatra (1.1.0)
      rack (~> 1.1)
      tilt (~> 1.1)
    soap4r (1.5.8)
      httpclient (>= 2.1.1)
    systemu (1.2.0)
    thin (1.2.7)
      daemons (>= 1.0.9)
      eventmachine (>= 0.12.6)
      rack (>= 1.0.0)
    tilt (1.1)
    uuidtools (2.1.1)
    vegas (0.1.8)
      rack (>= 1.0.0)
    yajl-ruby (0.7.8)

PLATFORMS
  ruby

DEPENDENCIES
  SystemTimer
  autotest
  bcrypt-ruby
  blobstore_client
  ci_reporter
  eventmachine
  minitar
  netaddr
  ohm
  rack-test
  rake
  rcov
  rcov_analyzer
  redis
  resque
  rspec
  ruby-debug
  sinatra
  soap4r
  systemu
  thin
  uuidtools
  yajl-ruby
