GEM
  remote: http://rubygems.org/
  specs:
    SystemTimer (1.2)
    actionpool (0.2.3)
      splib (~> 1.4)
    builder (2.1.2)
    ci_reporter (1.6.3)
      builder (>= 2.1.2)
    daemons (1.1.0)
    diff-lcs (1.1.2)
    eventmachine (0.12.10)
    httpclient (2.1.5.2)
    json (1.4.6)
    minitar (0.5.3)
    netaddr (1.5.0)
    ohm (0.1.0.rc4)
      redis (>= 2.0.0.rc3)
    rack (1.2.1)
    rack-test (0.5.6)
      rack (>= 1.0)
    rake (0.8.7)
    rcov (0.9.9)
    redis (2.0.11)
    redis-namespace (0.8.0)
      redis (< 3.0.0)
    resque (1.10.0)
      json (~> 1.4.6)
      redis-namespace (~> 0.8.0)
      sinatra (>= 0.9.2)
      vegas (~> 0.1.2)
    rspec (2.0.0)
      rspec-core (= 2.0.0)
      rspec-expectations (= 2.0.0)
      rspec-mocks (= 2.0.0)
    rspec-core (2.0.0)
    rspec-expectations (2.0.0)
      diff-lcs (>= 1.1.2)
    rspec-mocks (2.0.0)
      rspec-core (= 2.0.0)
      rspec-expectations (= 2.0.0)
    sinatra (1.0)
      rack (>= 1.0)
    soap4r (1.5.8)
      httpclient (>= 2.1.1)
    splib (1.4.3)
    systemu (1.2.0)
    thin (1.2.7)
      daemons (>= 1.0.9)
      eventmachine (>= 0.12.6)
      rack (>= 1.0.0)
    uuidtools (2.1.1)
    vegas (0.1.8)
      rack (>= 1.0.0)
    yajl-ruby (0.7.8)

PLATFORMS
  ruby

DEPENDENCIES
  SystemTimer
  actionpool
  ci_reporter
  eventmachine
  minitar
  netaddr
  ohm (= 0.1.0.rc4)
  rack-test
  rake
  rcov
  redis
  resque
  rspec
  sinatra
  soap4r
  systemu
  thin
  uuidtools
  yajl-ruby
