GEM
  remote: http://rubygems.org/
  specs:
    builder (3.0.0)
    columnize (0.3.2)
    daemons (1.1.0)
    diff-lcs (1.1.2)
    eventmachine (0.12.10)
    linecache (0.43)
    rack (1.2.1)
    rack-test (0.5.6)
      rack (>= 1.0)
    rake (0.8.7)
    rcov (0.9.9)
    rcov_analyzer (0.2)
      builder
      rcov
    rspec (2.3.0)
      rspec-core (~> 2.3.0)
      rspec-expectations (~> 2.3.0)
      rspec-mocks (~> 2.3.0)
    rspec-core (2.3.1)
    rspec-expectations (2.3.0)
      diff-lcs (~> 1.1.2)
    rspec-mocks (2.3.0)
    ruby-debug (0.10.4)
      columnize (>= 0.1)
      ruby-debug-base (~> 0.10.4.0)
    ruby-debug-base (0.10.4)
      linecache (>= 0.3)
    sinatra (1.1.0)
      rack (~> 1.1)
      tilt (~> 1.1)
    thin (1.2.7)
      daemons (>= 1.0.9)
      eventmachine (>= 0.12.6)
      rack (>= 1.0.0)
    tilt (1.1)

PLATFORMS
  ruby

DEPENDENCIES
  rack-test
  rake
  rcov
  rcov_analyzer
  rspec
  ruby-debug
  sinatra
  thin
