GEM
  remote: http://rubygems.org/
  specs:
    arrayfields (4.7.4)
    columnize (0.3.2)
    diff-lcs (1.1.2)
    fattr (2.2.0)
    linecache (0.43)
    main (4.3.0)
      arrayfields (>= 4.7.4)
      fattr (>= 2.1.0)
    rspec (2.1.0)
      rspec-core (~> 2.1.0)
      rspec-expectations (~> 2.1.0)
      rspec-mocks (~> 2.1.0)
    rspec-core (2.1.0)
    rspec-expectations (2.1.0)
      diff-lcs (~> 1.1.2)
    rspec-mocks (2.1.0)
    ruby-debug (0.10.4)
      columnize (>= 0.1)
      ruby-debug-base (~> 0.10.4.0)
    ruby-debug-base (0.10.4)
      linecache (>= 0.3)

PLATFORMS
  ruby

DEPENDENCIES
  main
  rspec
  ruby-debug
