GEM
  remote: http://rubygems.org/
  specs:
    builder (2.1.2)
    ci_reporter (1.6.2)
      builder (>= 2.1.2)
    httpclient (2.1.5.2)
    rcov (0.9.9)
    rspec (1.3.0)

PLATFORMS
  ruby

DEPENDENCIES
  ci_reporter
  httpclient
  rcov
  rspec
