GEM
  remote: http://rubygems.org/
  specs:
    builder (2.1.2)
    ci_reporter (1.6.3)
      builder (>= 2.1.2)
    diff-lcs (1.1.2)
    httpclient (2.1.5.2)
    rcov (0.9.9)
    rspec (2.0.0)
      rspec-core (= 2.0.0)
      rspec-expectations (= 2.0.0)
      rspec-mocks (= 2.0.0)
    rspec-core (2.0.0)
    rspec-expectations (2.0.0)
      diff-lcs (>= 1.1.2)
    rspec-mocks (2.0.0)
      rspec-core (= 2.0.0)
      rspec-expectations (= 2.0.0)

PLATFORMS
  ruby

DEPENDENCIES
  ci_reporter
  httpclient
  rcov
  rspec
