GEM
  remote: http://rubygems.org/
  specs:
    aws-s3 (0.6.2)
      builder
      mime-types
      xml-simple
    blobstore_client (0.3.2)
      aws-s3
      httpclient
      uuidtools
    builder (3.0.0)
    ci_reporter (1.6.3)
      builder (>= 2.1.2)
    crack (0.1.8)
    daemons (1.1.0)
    diff-lcs (1.1.2)
    eventmachine (0.12.10)
    httpclient (2.2.0)
    json_pure (1.5.1)
    mime-types (1.16)
    monit_api (1.0.2)
      crack
    nats (0.4.2)
      daemons (>= 1.1.0)
      eventmachine (>= 0.12.10)
      json_pure (>= 1.5.1)
    netaddr (1.5.0)
    posix-spawn (0.3.3)
    rake (0.8.7)
    rcov (0.9.9)
    rcov_analyzer (0.1)
      builder
      rcov
    rspec (2.1.0)
      rspec-core (~> 2.1.0)
      rspec-expectations (~> 2.1.0)
      rspec-mocks (~> 2.1.0)
    rspec-core (2.1.0)
    rspec-expectations (2.1.0)
      diff-lcs (~> 1.1.2)
    rspec-mocks (2.1.0)
    uuidtools (2.1.2)
    xml-simple (1.0.15)
    yajl-ruby (0.8.1)

PLATFORMS
  ruby

DEPENDENCIES
  blobstore_client (~> 0.3)
  ci_reporter
  monit_api
  nats
  netaddr
  posix-spawn
  rake
  rcov
  rcov_analyzer
  rspec
  uuidtools
  yajl-ruby
