GEM
  remote: http://rubygems.org/
  specs:
    SystemTimer (1.2)
    aws-s3 (0.6.2)
      builder
      mime-types
      xml-simple
    blobstore_client (0.2.0)
      aws-s3
      httpclient
      uuidtools
    builder (2.1.2)
    ci_reporter (1.6.3)
      builder (>= 2.1.2)
    columnize (0.3.1)
    diff-lcs (1.1.2)
    httpclient (2.1.6.1)
    linecache (0.43)
    mime-types (1.16)
    netaddr (1.5.0)
    rake (0.8.7)
    rcov (0.9.9)
    rcov_analyzer (0.1)
      builder
      rcov
    redis (2.0.11)
    rspec (2.1.0)
      rspec-core (~> 2.1.0)
      rspec-expectations (~> 2.1.0)
      rspec-mocks (~> 2.1.0)
    rspec-core (2.1.0)
    rspec-expectations (2.1.0)
      diff-lcs (~> 1.1.2)
    rspec-mocks (2.1.0)
    ruby-debug (0.10.3)
      columnize (>= 0.1)
      ruby-debug-base (~> 0.10.3.0)
    ruby-debug-base (0.10.3)
      linecache (>= 0.3)
    uuidtools (2.1.1)
    xml-simple (1.0.12)
    yajl-ruby (0.7.8)

PLATFORMS
  ruby

DEPENDENCIES
  SystemTimer
  blobstore_client (~> 0.2)
  ci_reporter
  netaddr
  rake
  rcov
  rcov_analyzer
  redis
  rspec
  ruby-debug
  uuidtools
  yajl-ruby
